GEM
  remote: https://rubygems.org/
  specs:
    appium_lib (10.5.0)
      appium_lib_core (~> 3.3)
      nokogiri (~> 1.8, >= 1.8.1)
      tomlrb (~> 1.1)
    appium_lib_core (3.5.0)
      faye-websocket (~> 0.10.0)
      selenium-webdriver (~> 3.14, >= 3.14.1)
    childprocess (3.0.0)
    diff-lcs (1.3)
    eventmachine (1.2.7)
    faye-websocket (0.10.9)
      eventmachine (>= 0.12.0)
      websocket-driver (>= 0.5.1)
    mini_portile2 (2.4.0)
    nokogiri (1.10.7)
      mini_portile2 (~> 2.4.0)
    rspec (3.9.0)
      rspec-core (~> 3.9.0)
      rspec-expectations (~> 3.9.0)
      rspec-mocks (~> 3.9.0)
    rspec-core (3.9.1)
      rspec-support (~> 3.9.1)
    rspec-expectations (3.9.0)
      diff-lcs (>= 1.2.0, < 2.0)
      rspec-support (~> 3.9.0)
    rspec-mocks (3.9.1)
      diff-lcs (>= 1.2.0, < 2.0)
      rspec-support (~> 3.9.0)
    rspec-support (3.9.2)
    rubyzip (2.1.0)
    selenium-webdriver (3.142.7)
      childprocess (>= 0.5, < 4.0)
      rubyzip (>= 1.2.2)
    tomlrb (1.2.9)
    websocket-driver (0.7.1)
      websocket-extensions (>= 0.1.0)
    websocket-extensions (0.1.4)

PLATFORMS
  ruby

DEPENDENCIES
  appium_lib
  rspec

BUNDLED WITH
   2.1.4
